GEM
  remote: https://rubygems.org/
  specs:
    chunky_png (1.3.10)
    mini_magick (4.8.0)
    narray (0.6.1.2)
    numo-narray (0.9.1.3)
    zlib (1.0.0)

PLATFORMS
  ruby

DEPENDENCIES
  chunky_png
  mini_magick
  narray
  numo-narray
  zlib

BUNDLED WITH
   1.16.1
